PATH
  remote: .
  specs:
    tld (0.6.3)
      iso_country_codes

GEM
  remote: https://rubygems.org/
  specs:
    addressable (2.2.6)
    erubis (2.7.0)
    iso_country_codes (0.2.3)
      rake
      rdoc
    json (1.6.1)
    nokogiri (1.4.4)
    rake (0.9.2.2)
    rdoc (3.11)
      json (~> 1.4)

PLATFORMS
  ruby

DEPENDENCIES
  addressable
  erubis
  nokogiri
  rake
  rdoc
  tld!
