GEM
  remote: https://rubygems.org/
  specs:
    addressable (2.2.6)
    erubis (2.7.0)
    git (1.2.5)
    iso_country_codes (0.2.3)
      rake
      rdoc
    jeweler (1.6.4)
      bundler (~> 1.0)
      git (>= 1.2.5)
      rake
    json (1.6.1)
    nokogiri (1.4.4)
    rake (0.9.2.2)
    rdoc (3.11)
      json (~> 1.4)

PLATFORMS
  ruby

DEPENDENCIES
  addressable
  erubis
  iso_country_codes
  jeweler
  nokogiri
  rake
  rdoc
